GEM
  remote: https://rubygems.org/
  specs:
    ast (2.4.2)
    diff-lcs (1.5.0)
    language_server-protocol (3.17.0.3)
    minitest (5.17.0)
    netrc (0.11.0)
    parallel (1.22.1)
    parser (3.2.1.0)
      ast (~> 2.4.1)
    prettier_print (1.2.0)
    rbi (0.0.16)
      ast
      parser (>= 2.6.4.0)
      sorbet-runtime (>= 0.5.9204)
      unparser
    ruby-lsp (0.3.8)
      language_server-protocol (~> 3.17.0)
      sorbet-runtime
      syntax_tree (>= 5.0.0, < 6)
    sorbet (0.5.10687)
      sorbet-static (= 0.5.10687)
    sorbet-runtime (0.5.10687)
    sorbet-static (0.5.10687-universal-darwin-20)
    sorbet-static-and-runtime (0.5.10687)
      sorbet (= 0.5.10687)
      sorbet-runtime (= 0.5.10687)
    spoom (1.1.15)
      sorbet (>= 0.5.10187)
      sorbet-runtime (>= 0.5.9204)
      thor (>= 0.19.2)
    syntax_tree (5.3.0)
      prettier_print (>= 1.2.0)
    tapioca (0.11.1)
      bundler (>= 1.17.3)
      netrc (>= 0.11.0)
      parallel (>= 1.21.0)
      rbi (~> 0.0.0, >= 0.0.16)
      sorbet-static-and-runtime (>= 0.5.10187)
      spoom (~> 1.1.0, >= 1.1.11)
      thor (>= 1.2.0)
      yard-sorbet
    thor (1.2.1)
    unparser (0.6.7)
      diff-lcs (~> 1.3)
      parser (>= 3.2.0)
    webrick (1.7.0)
    yard (0.9.28)
      webrick (~> 1.7.0)
    yard-sorbet (0.8.0)
      sorbet-runtime (>= 0.5)
      yard (>= 0.9)

PLATFORMS
  x86_64-darwin-20

DEPENDENCIES
  minitest
  ruby-lsp (~> 0.3.8)
  sorbet
  sorbet-runtime
  tapioca

RUBY VERSION
   ruby 3.2.1p31

BUNDLED WITH
   2.4.6
